GEM
  remote: http://rubygems.org/
  specs:
    backports (2.3.0)
    clipboard (1.0.1)
    ruby_gntp (0.3.4)

PLATFORMS
  ruby

DEPENDENCIES
  backports
  clipboard
  ruby_gntp
